GEM
  remote: https://rubygems.org/
  specs:
    colorize (0.8.1)
    equatable (0.6.1)
    geocoder (1.6.2)
    httparty (0.18.0)
      mime-types (~> 3.0)
      multi_xml (>= 0.5.2)
    mime-types (3.3.1)
      mime-types-data (~> 3.2015)
    mime-types-data (3.2020.0425)
    mini_portile2 (2.8.0)
    multi_xml (0.6.0)
    necromancer (0.5.1)
    nokogiri (1.13.9)
      mini_portile2 (~> 2.8.0)
      racc (~> 1.4)
    pastel (0.7.3)
      equatable (~> 0.6)
      tty-color (~> 0.5)
    racc (1.6.0)
    tty-color (0.5.1)
    tty-cursor (0.7.1)
    tty-prompt (0.21.0)
      necromancer (~> 0.5.0)
      pastel (~> 0.7.0)
      tty-reader (~> 0.7.0)
    tty-reader (0.7.0)
      tty-cursor (~> 0.7)
      tty-screen (~> 0.7)
      wisper (~> 2.0.0)
    tty-screen (0.7.1)
    wisper (2.0.1)
    word_wrap (1.0.0)

PLATFORMS
  ruby

DEPENDENCIES
  colorize (~> 0.8.1)
  geocoder (~> 1.6)
  httparty (~> 0.18.0)
  nokogiri (~> 1.13)
  tty-prompt (~> 0.21.0)
  word_wrap (~> 1.0)

BUNDLED WITH
   2.1.4
